{
  "PowerLineFrequency": 60,
  "TaskName": "nback",
  "EEGChannelCount": 64,
  "EEGReference": "EXG5 EXG6 ",
  "RecordingType": "continuous",
  "RecordingDuration": 2234.4296875,
  "SamplingFrequency": 128,
  "EOGChannelCount": 0,
  "ECGChannelCount": 0,
  "EMGChannelCount": 0,
  "SoftwareFilters": "n/a"
}